GEM
  remote: https://rubygems.org/
  specs:
    exifr (1.1.2)
    mime-types (1.18)
    rack (1.4.1)
    rack-protection (1.2.0)
      rack
    ruby-filemagic (0.4.2)
    sequel (3.33.0)
    sinatra (1.3.2)
      rack (~> 1.3, >= 1.3.6)
      rack-protection (~> 1.2)
      tilt (~> 1.3, >= 1.3.3)
    sqlite3 (1.3.5)
    tilt (1.3.3)
    zip (2.0.2)

PLATFORMS
  ruby

DEPENDENCIES
  exifr
  mime-types
  rack
  ruby-filemagic
  sequel
  sinatra
  sqlite3
  zip
