GEM
  remote: https://rubygems.org/
  specs:
    exifr (1.1.3)
    json (1.7.6)
    mime-types (1.19)
    mysql2 (0.3.11)
    rack (1.4.3)
    rack-protection (1.3.2)
      rack
    sequel (3.43.0)
    sinatra (1.3.3)
      rack (~> 1.3, >= 1.3.6)
      rack-protection (~> 1.2)
      tilt (~> 1.3, >= 1.3.3)
    sqlite3 (1.3.6)
    tilt (1.3.3)
    zip (2.0.2)

PLATFORMS
  ruby

DEPENDENCIES
  exifr
  json
  mime-types
  mysql2
  rack
  sequel (>= 3.34.1)
  sinatra
  sqlite3
  zip
