GEM
  remote: https://rubygems.org/
  specs:
    exifr (1.1.2)
    json (1.6.6)
    mime-types (1.18)
    mysql2 (0.3.11)
    rack (1.4.1)
    rack-protection (1.2.0)
      rack
    sequel (3.33.0)
    sinatra (1.3.2)
      rack (~> 1.3, >= 1.3.6)
      rack-protection (~> 1.2)
      tilt (~> 1.3, >= 1.3.3)
    sqlite3 (1.3.5)
    tilt (1.3.3)
    zip (2.0.2)

PLATFORMS
  ruby

DEPENDENCIES
  exifr
  json
  mime-types
  mysql2
  rack
  sequel
  sinatra
  sqlite3
  zip
