GEM
  remote: https://rubygems.org/
  specs:
    exifr (1.1.3)
    json (1.7.6)
    macaddr (1.6.1)
      systemu (~> 2.5.0)
    mime-types (1.19)
    mysql2 (0.3.11)
    nokogiri (1.5.5)
    rack (1.4.3)
    rack-protection (1.3.2)
      rack
    sequel (3.43.0)
    sinatra (1.3.3)
      rack (~> 1.3, >= 1.3.6)
      rack-protection (~> 1.2)
      tilt (~> 1.3, >= 1.3.3)
    sqlite3 (1.3.6)
    systemu (2.5.2)
    tilt (1.3.3)
    uuid (2.3.6)
      macaddr (~> 1.0)
    xml-simple (1.1.2)
    zip (2.0.2)

PLATFORMS
  ruby

DEPENDENCIES
  exifr
  json
  mime-types
  mysql2
  nokogiri
  rack
  sequel (>= 3.35)
  sinatra
  sqlite3
  uuid
  xml-simple
  zip
